GIT
  remote: git://github.com/gregbell/active_admin.git
  revision: 2482f0edeeb9b0192e90d1afa1a5bf715936aa5c
  specs:
    activeadmin (0.6.1)
      arbre (~> 1.0)
      bourbon
      coffee-rails
      devise (~> 3.0)
      formtastic (~> 2.3.0.rc2)
      inherited_resources (~> 1.3)
      jquery-rails
      jquery-ui-rails
      kaminari (~> 0.13)
      rails (>= 3.2, < 4.1)
      ransack (~> 1.0)
      sass-rails

GEM
  remote: https://rubygems.org/
  specs:
    actionmailer (4.0.0)
      actionpack (= 4.0.0)
      mail (~> 2.5.3)
    actionpack (4.0.0)
      activesupport (= 4.0.0)
      builder (~> 3.1.0)
      erubis (~> 2.7.0)
      rack (~> 1.5.2)
      rack-test (~> 0.6.2)
    active_model_serializers (0.8.1)
      activemodel (>= 3.0)
    activemodel (4.0.0)
      activesupport (= 4.0.0)
      builder (~> 3.1.0)
    activerecord (4.0.0)
      activemodel (= 4.0.0)
      activerecord-deprecated_finders (~> 1.0.2)
      activesupport (= 4.0.0)
      arel (~> 4.0.0)
    activerecord-deprecated_finders (1.0.3)
    activesupport (4.0.0)
      i18n (~> 0.6, >= 0.6.4)
      minitest (~> 4.2)
      multi_json (~> 1.3)
      thread_safe (~> 0.1)
      tzinfo (~> 0.3.37)
    addressable (2.3.5)
    arbre (1.0.1)
      activesupport (>= 3.0.0)
    arel (4.0.0)
    atomic (1.1.13)
    aws-sdk (1.11.1)
      json (~> 1.4)
      nokogiri (>= 1.4.4)
      uuidtools (~> 2.1)
    barber (0.4.2)
      ember-source
      execjs
      handlebars-source
    bcrypt-ruby (3.0.1)
    better_errors (0.9.0)
      coderay (>= 1.0.0)
      erubis (>= 2.6.6)
    binding_of_caller (0.7.2)
      debug_inspector (>= 0.0.1)
    bourbon (3.1.8)
      sass (>= 3.2.0)
      thor
    builder (3.1.4)
    capybara (2.1.0)
      mime-types (>= 1.16)
      nokogiri (>= 1.3.3)
      rack (>= 1.0.0)
      rack-test (>= 0.5.4)
      xpath (~> 2.0)
    childprocess (0.3.9)
      ffi (~> 1.0, >= 1.0.11)
    chunky_png (1.2.9)
    coderay (1.0.9)
    coffee-rails (4.0.0)
      coffee-script (>= 2.2.0)
      railties (>= 4.0.0.beta, < 5.0)
    coffee-script (2.2.0)
      coffee-script-source
      execjs
    coffee-script-source (1.6.3)
    compass (0.12.2)
      chunky_png (~> 1.2)
      fssm (>= 0.2.7)
      sass (~> 3.1)
    compass-rails (2.0.alpha.0)
      compass (>= 0.12.2, < 0.14)
    database_cleaner (1.1.1)
    debug_inspector (0.0.2)
    decent_exposure (2.2.1)
    devise (3.1.1)
      bcrypt-ruby (~> 3.0)
      orm_adapter (~> 0.1)
      railties (>= 3.2.6, < 5)
      thread_safe (~> 0.1)
      warden (~> 1.2.3)
    diff-lcs (1.2.4)
    dotenv (0.8.0)
    dotenv-rails (0.8.0)
      dotenv (= 0.8.0)
    email_spec (1.5.0)
      launchy (~> 2.1)
      mail (~> 2.2)
    ember-data-source (0.13)
      ember-source
    ember-rails (0.13.0)
      active_model_serializers
      barber (>= 0.4.1)
      ember-data-source
      ember-source
      execjs (>= 1.2)
      handlebars-source
      railties (>= 3.1)
    ember-source (1.0.0.rc7)
      handlebars-source (= 1.0.12)
    erubis (2.7.0)
    eventmachine (1.0.3)
    execjs (1.4.0)
      multi_json (~> 1.0)
    factory_girl (4.2.0)
      activesupport (>= 3.0.0)
    factory_girl_rails (4.2.1)
      factory_girl (~> 4.2.0)
      railties (>= 3.0.0)
    faye-websocket (0.4.7)
      eventmachine (>= 0.12.0)
    ffi (1.9.0)
    font-awesome-rails (4.0.0.0)
      railties (>= 3.2, < 5.0)
    formtastic (2.3.0.rc2)
      actionpack (>= 3.0)
    fssm (0.2.10)
    haml (4.0.3)
      tilt
    haml-rails (0.4)
      actionpack (>= 3.1, < 4.1)
      activesupport (>= 3.1, < 4.1)
      haml (>= 3.1, < 4.1)
      railties (>= 3.1, < 4.1)
    handlebars-source (1.0.12)
    has_scope (0.6.0.rc)
      actionpack (>= 3.2, < 5)
      activesupport (>= 3.2, < 5)
    high_voltage (1.2.4)
    hike (1.2.3)
    http_parser.rb (0.5.3)
    i18n (0.6.5)
    inherited_resources (1.4.1)
      has_scope (~> 0.6.0.rc)
      responders (~> 1.0.0.rc)
    jquery-rails (3.0.4)
      railties (>= 3.0, < 5.0)
      thor (>= 0.14, < 2.0)
    jquery-ui-rails (4.0.5)
      railties (>= 3.1.0)
    json (1.8.1)
    kaminari (0.14.1)
      actionpack (>= 3.0.0)
      activesupport (>= 3.0.0)
    launchy (2.3.0)
      addressable (~> 2.3)
    mail (2.5.4)
      mime-types (~> 1.16)
      treetop (~> 1.4.8)
    method_source (0.8.2)
    mime-types (1.24)
    mini_portile (0.5.1)
    minitest (4.7.5)
    multi_json (1.7.9)
    nokogiri (1.6.0)
      mini_portile (~> 0.5.0)
    orm_adapter (0.4.0)
    pg (0.16.0)
    poltergeist (1.3.0)
      capybara (~> 2.1.0)
      faye-websocket (>= 0.4.4, < 0.5.0)
      http_parser.rb (~> 0.5.3)
    polyamorous (0.6.4)
      activerecord (>= 3.0)
    polyglot (0.3.3)
    pry (0.9.12.2)
      coderay (~> 1.0.5)
      method_source (~> 0.8)
      slop (~> 3.4)
    puma (2.5.1)
      rack (>= 1.1, < 2.0)
    rack (1.5.2)
    rack-test (0.6.2)
      rack (>= 1.0)
    rails (4.0.0)
      actionmailer (= 4.0.0)
      actionpack (= 4.0.0)
      activerecord (= 4.0.0)
      activesupport (= 4.0.0)
      bundler (>= 1.3.0, < 2.0)
      railties (= 4.0.0)
      sprockets-rails (~> 2.0.0)
    rails_12factor (0.0.2)
      rails_serve_static_assets
      rails_stdout_logging
    rails_serve_static_assets (0.0.1)
    rails_stdout_logging (0.0.1)
    railties (4.0.0)
      actionpack (= 4.0.0)
      activesupport (= 4.0.0)
      rake (>= 0.8.7)
      thor (>= 0.18.1, < 2.0)
    rake (10.1.0)
    ransack (1.0.0)
      actionpack (>= 3.0)
      activerecord (>= 3.0)
      polyamorous (~> 0.6.0)
    responders (1.0.0)
      railties (>= 3.2, < 5)
    rspec-core (2.14.4)
    rspec-expectations (2.14.0)
      diff-lcs (>= 1.1.3, < 2.0)
    rspec-mocks (2.14.2)
    rspec-rails (2.14.0)
      actionpack (>= 3.0)
      activesupport (>= 3.0)
      railties (>= 3.0)
      rspec-core (~> 2.14.0)
      rspec-expectations (~> 2.14.0)
      rspec-mocks (~> 2.14.0)
    rubyzip (0.9.9)
    sass (3.2.10)
    sass-rails (4.0.0)
      railties (>= 4.0.0.beta, < 5.0)
      sass (>= 3.1.10)
      sprockets-rails (~> 2.0.0)
    selenium-webdriver (2.33.0)
      childprocess (>= 0.2.5)
      multi_json (~> 1.0)
      rubyzip
      websocket (~> 1.0.4)
    simple_form (1.4.1)
    slop (3.4.6)
    sprockets (2.10.0)
      hike (~> 1.2)
      multi_json (~> 1.0)
      rack (~> 1.0)
      tilt (~> 1.1, != 1.3.0)
    sprockets-rails (2.0.0)
      actionpack (>= 3.0)
      activesupport (>= 3.0)
      sprockets (~> 2.8)
    state_machine (1.2.0)
    thor (0.18.1)
    thread_safe (0.1.2)
      atomic
    tilt (1.4.1)
    treetop (1.4.15)
      polyglot
      polyglot (>= 0.3.1)
    tzinfo (0.3.37)
    uglifier (2.1.2)
      execjs (>= 0.3.0)
      multi_json (~> 1.0, >= 1.0.2)
    uuidtools (2.1.4)
    warden (1.2.3)
      rack (>= 1.0)
    websocket (1.0.7)
    xpath (2.0.0)
      nokogiri (~> 1.3)
    zurb-foundation (4.0.9)
      sass (>= 3.2.0)

PLATFORMS
  ruby

DEPENDENCIES
  active_model_serializers
  activeadmin!
  aws-sdk
  bcrypt-ruby (~> 3.0.0)
  better_errors
  binding_of_caller
  coffee-rails (~> 4.0.0)
  compass-rails (= 2.0.alpha.0)
  database_cleaner
  decent_exposure
  dotenv-rails
  email_spec
  ember-rails
  ember-source (~> 1.0.0.rc7)
  factory_girl_rails
  font-awesome-rails (~> 4.0.0)
  haml (~> 4.0)
  haml-rails
  high_voltage
  jquery-rails
  launchy
  pg
  poltergeist
  pry
  puma
  rails (= 4.0.0)
  rails_12factor
  rspec-core
  rspec-rails
  sass-rails (~> 4.0.0)
  selenium-webdriver
  simple_form
  state_machine
  uglifier (>= 1.3.0)
  zurb-foundation (~> 4.0.0)
